GEM
  remote: https://rubygems.org/
  specs:
    json (1.8.3)
    snmp (1.2.0)

PLATFORMS
  ruby

DEPENDENCIES
  json
  snmp

BUNDLED WITH
   1.13.0
