GEM
  remote: https://rubygems.org/
  specs:
    json (1.8.3)
    net-ping (2.0.1)
    snmp (1.2.0)

PLATFORMS
  ruby

DEPENDENCIES
  json
  net-ping
  snmp

BUNDLED WITH
   1.13.0
